GIT
  remote: https://github.com/secureCodeBox/ruby-scanner-scaffolding.git
  revision: b1bd6e1c43e53805eca70e7bfa88cb0ca5931214
  specs:
    ruby-scanner-scaffolding (0.0.1)

GEM
  remote: https://rubygems.org/
  specs:
    domain_name (0.5.20180417)
      unf (>= 0.0.5, < 1.0.0)
    http-cookie (1.0.3)
      domain_name (~> 0.5)
    mime-types (3.2.2)
      mime-types-data (~> 3.2015)
    mime-types-data (3.2019.0331)
    mustermann (1.0.3)
    netrc (0.11.0)
    rack (2.0.7)
    rack-protection (2.0.5)
      rack
    rest-client (2.0.2)
      http-cookie (>= 1.0.2, < 2.0)
      mime-types (>= 1.16, < 4.0)
      netrc (~> 0.8)
    sinatra (2.0.5)
      mustermann (~> 1.0)
      rack (~> 2.0)
      rack-protection (= 2.0.5)
      tilt (~> 2.0)
    tilt (2.0.9)
    unf (0.1.4)
      unf_ext
    unf_ext (0.0.7.6)

PLATFORMS
  ruby

DEPENDENCIES
  rest-client
  ruby-scanner-scaffolding!
  sinatra

BUNDLED WITH
   2.0.1
